PATH
  remote: .
  specs:
    echelon (0.0.4)
      json_pure (= 1.4.6)
      xml-simple (= 1.0.12)
      zip (= 2.0.2)

GEM
  remote: http://rubygems.org/
  specs:
    diff-lcs (1.1.2)
    json_pure (1.4.6)
    rspec (2.4.0)
      rspec-core (~> 2.4.0)
      rspec-expectations (~> 2.4.0)
      rspec-mocks (~> 2.4.0)
    rspec-core (2.4.0)
    rspec-expectations (2.4.0)
      diff-lcs (~> 1.1.2)
    rspec-mocks (2.4.0)
    xml-simple (1.0.12)
    zip (2.0.2)

PLATFORMS
  ruby

DEPENDENCIES
  bundler (>= 1.0.0)
  echelon!
  rspec (>= 2.4.0)
